GEM
  specs:
    bubble-wrap (1.5.0)
    rake (10.1.1)

PLATFORMS
  ruby

DEPENDENCIES
  bubble-wrap (>= 1.1.5)
  rake (>= 0.9.6)
